GEM
  remote: https://rubygems.org/
  specs:
    chunky_png (1.2.6)
    compass (0.12.2)
      chunky_png (~> 1.2)
      fssm (>= 0.2.7)
      sass (~> 3.1)
    fssm (0.2.9)
    rack (1.5.2)
    rack-legacy (0.3.5)
      rack
    rack-rewrite (1.3.3)
    sass (3.2.5)

PLATFORMS
  ruby

DEPENDENCIES
  compass
  rack-legacy
  rack-rewrite
